GEM
  remote: https://rubygems.org/
  specs:
    calyx (0.18.0)
    chunky_png (1.3.11)
    pdf-core (0.7.0)
    prawn (2.2.2)
      pdf-core (~> 0.7.0)
      ttfunk (~> 1.5)
    punkt-segmenter (0.9.1)
      unicode_utils (>= 1.0.0)
    ttfunk (1.5.1)
    unicode_utils (1.4.0)

PLATFORMS
  ruby

DEPENDENCIES
  calyx
  chunky_png
  prawn
  punkt-segmenter

BUNDLED WITH
   1.16.1
