GEM
  remote: https://rubygems.org/
  specs:
    calyx (0.18.0)
    chunky_png (1.3.11)
    pdf-core (0.7.0)
    prawn (2.2.2)
      pdf-core (~> 0.7.0)
      ttfunk (~> 1.5)
    ttfunk (1.5.1)

PLATFORMS
  ruby

DEPENDENCIES
  calyx
  chunky_png
  prawn

BUNDLED WITH
   1.16.1
